GEM
  remote: https://rubygems.org/
  specs:
    net-http-persistent (2.9.4)
    netrc (0.7.7)
    rest (2.7.2)
      net-http-persistent (>= 2.9.1)
      rest_client (>= 1.7.1)
    rest_client (1.7.3)
      netrc (~> 0.7.7)

PLATFORMS
  ruby

DEPENDENCIES
  rest
